GEM
  remote: https://rubygems.org/
  specs:
    activesupport (5.2.3)
      concurrent-ruby (~> 1.0, >= 1.0.2)
      i18n (>= 0.7, < 2)
      minitest (~> 5.1)
      tzinfo (~> 1.1)
    childprocess (1.0.1)
      rake (< 13.0)
    concurrent-ruby (1.1.5)
    data_magic (1.2)
      faker (>= 1.1.2)
      yml_reader (>= 0.6)
    diff-lcs (1.3)
    domain_name (0.5.20180417)
      unf (>= 0.0.5, < 1.0.0)
    faker (1.9.3)
      i18n (>= 0.7)
    ffi (1.11.1-x64-mingw32)
    http-cookie (1.0.3)
      domain_name (~> 0.5)
    i18n (1.6.0)
      concurrent-ruby (~> 1.0)
    json (2.2.0)
    mime-types (3.2.2)
      mime-types-data (~> 3.2015)
    mime-types-data (3.2019.0331)
    mini_portile2 (2.4.0)
    minitest (5.11.3)
    netrc (0.11.0)
    nokogiri (1.10.3-x64-mingw32)
      mini_portile2 (~> 2.4.0)
    rake (10.5.0)
    regexp_parser (1.5.1)
    require_all (2.0.0)
    rest-client (2.0.2-x64-mingw32)
      ffi (~> 1.9)
      http-cookie (>= 1.0.2, < 2.0)
      mime-types (>= 1.16, < 4.0)
      netrc (~> 0.8)
    rspec (3.8.0)
      rspec-core (~> 3.8.0)
      rspec-expectations (~> 3.8.0)
      rspec-mocks (~> 3.8.0)
    rspec-core (3.8.0)
      rspec-support (~> 3.8.0)
    rspec-expectations (3.8.3)
      diff-lcs (>= 1.2.0, < 2.0)
      rspec-support (~> 3.8.0)
    rspec-mocks (3.8.0)
      diff-lcs (>= 1.2.0, < 2.0)
      rspec-support (~> 3.8.0)
    rspec-support (3.8.0)
    rubyzip (1.2.3)
    sauce_whisk (0.2.1)
      json
      rest-client (~> 2.0)
    selenium-webdriver (3.142.3)
      childprocess (>= 0.5, < 2.0)
      rubyzip (~> 1.2, >= 1.2.2)
    thread_safe (0.3.6)
    tzinfo (1.2.5)
      thread_safe (~> 0.1)
    unf (0.1.4)
      unf_ext
    unf_ext (0.0.7.6)
    watir (6.16.5)
      regexp_parser (~> 1.2)
      selenium-webdriver (~> 3.6)
    watir_drops (0.7.2)
      watir (~> 6.0)
    watir_model (0.5.8)
      activesupport
      faker (~> 1.5)
      yml_reader (>= 0.6)
    webdrivers (2.4.0)
      nokogiri (~> 1.6)
      rubyzip (~> 1.0)
    yml_reader (0.7)

PLATFORMS
  x64-mingw32

DEPENDENCIES
  bundler (~> 1.13)
  data_magic
  rake (~> 10.0)
  require_all
  rspec (~> 3.0)
  sauce_whisk
  watir (~> 6.0)
  watir_drops (~> 0.7)
  watir_model (~> 0.2)
  webdrivers (~> 2.1)

BUNDLED WITH
   1.17.3
